GEM
  remote: https://rubygems.org/
  specs:
    pg (1.4.6)

PLATFORMS
  x86_64-linux

DEPENDENCIES
  pg

RUBY VERSION
   ruby 3.2.0p0

BUNDLED WITH
   2.4.7
